GIT
  remote: git://github.com/mongoid/mongoid.git
  revision: 88599cf64c3d6df9a1277178ced69cd45d30c2f1
  specs:
    mongoid (4.0.0)
      activemodel (~> 4.0.0)
      moped (~> 1.5)
      origin (~> 1.0)
      tzinfo (~> 0.3.22)

PATH
  remote: .
  specs:
    mongoid-ancestry (0.3.2)

GEM
  remote: https://rubygems.org/
  specs:
    activemodel (4.0.0)
      activesupport (= 4.0.0)
      builder (~> 3.1.0)
    activesupport (4.0.0)
      i18n (~> 0.6, >= 0.6.4)
      minitest (~> 4.2)
      multi_json (~> 1.3)
      thread_safe (~> 0.1)
      tzinfo (~> 0.3.37)
    atomic (1.1.12)
    builder (3.1.4)
    diff-lcs (1.2.4)
    i18n (0.6.4)
    minitest (4.7.5)
    moped (1.5.0)
    multi_json (1.7.8)
    origin (1.1.0)
    rake (10.1.0)
    rspec (2.14.1)
      rspec-core (~> 2.14.0)
      rspec-expectations (~> 2.14.0)
      rspec-mocks (~> 2.14.0)
    rspec-core (2.14.4)
    rspec-expectations (2.14.0)
      diff-lcs (>= 1.1.3, < 2.0)
    rspec-mocks (2.14.2)
    thread_safe (0.1.2)
      atomic
    tzinfo (0.3.37)

PLATFORMS
  ruby

DEPENDENCIES
  mongoid!
  mongoid-ancestry!
  rake
  rspec (~> 2.5)
